GIT
  remote: https://github.com/tachomex/kybus.git
  revision: 217c53adbce5729a322b3d6d40805fba7501c6c6
  branch: botsidekiq
  glob: kybus-bot/kybus-bot.gemspec
  specs:
    kybus-bot (0.9.0)
      kybus-core (~> 0.1)

GIT
  remote: https://github.com/tachomex/kybus.git
  revision: 217c53adbce5729a322b3d6d40805fba7501c6c6
  branch: botsidekiq
  glob: kybus-logger/kybus-logger.gemspec
  specs:
    kybus-logger (0.2.3)

GIT
  remote: https://github.com/tachomex/kybus.git
  revision: 217c53adbce5729a322b3d6d40805fba7501c6c6
  branch: botsidekiq
  glob: kybus-storage/kybus-storage.gemspec
  specs:
    kybus-storage (0.1.3)

GEM
  remote: https://rubygems.org/
  specs:
    activemodel (7.1.3.4)
      activesupport (= 7.1.3.4)
    activesupport (7.1.3.4)
      base64
      bigdecimal
      concurrent-ruby (~> 1.0, >= 1.0.2)
      connection_pool (>= 2.2.5)
      drb
      i18n (>= 1.6, < 2)
      minitest (>= 5.1)
      mutex_m
      tzinfo (~> 2.0)
    aws-eventstream (1.3.0)
    aws-partitions (1.950.0)
    aws-sdk-core (3.200.0)
      aws-eventstream (~> 1, >= 1.3.0)
      aws-partitions (~> 1, >= 1.651.0)
      aws-sigv4 (~> 1.8)
      jmespath (~> 1, >= 1.6.1)
    aws-sdk-dynamodb (1.115.0)
      aws-sdk-core (~> 3, >= 3.199.0)
      aws-sigv4 (~> 1.1)
    aws-sigv4 (1.8.0)
      aws-eventstream (~> 1, >= 1.0.2)
    base64 (0.2.0)
    bigdecimal (3.1.8)
    concurrent-ruby (1.3.3)
    connection_pool (2.4.1)
    drb (2.2.1)
    dry-core (1.0.1)
      concurrent-ruby (~> 1.0)
      zeitwerk (~> 2.6)
    dry-inflector (1.0.0)
    dry-logic (1.5.0)
      concurrent-ruby (~> 1.0)
      dry-core (~> 1.0, < 2)
      zeitwerk (~> 2.6)
    dry-struct (1.6.0)
      dry-core (~> 1.0, < 2)
      dry-types (>= 1.7, < 2)
      ice_nine (~> 0.11)
      zeitwerk (~> 2.6)
    dry-types (1.7.2)
      bigdecimal (~> 3.0)
      concurrent-ruby (~> 1.0)
      dry-core (~> 1.0)
      dry-inflector (~> 1.0)
      dry-logic (~> 1.4)
      zeitwerk (~> 2.6)
    dynamoid (3.10.0)
      activemodel (>= 4)
      aws-sdk-dynamodb (~> 1.0)
      concurrent-ruby (>= 1.0)
    faraday (2.9.2)
      faraday-net_http (>= 2.0, < 3.2)
    faraday-multipart (1.0.4)
      multipart-post (~> 2)
    faraday-net_http (3.1.0)
      net-http
    i18n (1.14.5)
      concurrent-ruby (~> 1.0)
    ice_nine (0.11.2)
    jmespath (1.6.2)
    kybus-configs (0.2.2)
      kybus-core (~> 0.1)
    kybus-core (0.2.0)
    minitest (5.24.1)
    multipart-post (2.4.1)
    mutex_m (0.2.0)
    net-http (0.4.1)
      uri
    rake (13.2.1)
    rexml (3.3.1)
      strscan
    strscan (3.1.0)
    telegram-bot-ruby (2.0.0)
      dry-struct (~> 1.6)
      faraday (~> 2.0)
      faraday-multipart (~> 1.0)
      zeitwerk (~> 2.6)
    tzinfo (2.0.6)
      concurrent-ruby (~> 1.0)
    uri (0.13.0)
    zeitwerk (2.6.16)

PLATFORMS
  aarch64-linux-gnu
  aarch64-linux-musl
  arm-linux-gnu
  arm-linux-musl
  arm64-darwin
  x86-linux-gnu
  x86-linux-musl
  x86_64-darwin
  x86_64-linux-gnu
  x86_64-linux-musl

DEPENDENCIES
  dynamoid
  kybus-bot!
  kybus-configs
  kybus-logger!
  kybus-storage!
  minitest
  rake
  rexml (~> 3.3)
  telegram-bot-ruby

BUNDLED WITH
   2.5.14
